PATH
  remote: .
  specs:
    cert_file_maker (0.0.1)

GEM
  remote: https://rubygems.org/
  specs:
    minitest (5.11.3)

PLATFORMS
  ruby

DEPENDENCIES
  cert_file_maker!
  minitest

BUNDLED WITH
   1.17.1
